PATH
  remote: .
  specs:
    everyday_datatables (1.5.1)

GEM
  remote: https://rubygems.org/
  specs:
    rake (10.4.2)

PLATFORMS
  ruby

DEPENDENCIES
  bundler (~> 1.7)
  everyday_datatables!
  rake (~> 10.4)

BUNDLED WITH
   1.10.6
